PATH
  remote: .
  specs:
    ged2csv (1.5.2)
      ansel_iconv (~> 1.1.5)

GEM
  remote: http://rubygems.org/
  specs:
    activesupport (2.3.8)
    ansel_iconv (1.1.5)
      activesupport (>= 2.3.5, <= 2.3.8)
    diff-lcs (1.1.2)
    rspec (2.3.0)
      rspec-core (~> 2.3.0)
      rspec-expectations (~> 2.3.0)
      rspec-mocks (~> 2.3.0)
    rspec-core (2.3.1)
    rspec-expectations (2.3.0)
      diff-lcs (~> 1.1.2)
    rspec-mocks (2.3.0)

PLATFORMS
  ruby

DEPENDENCIES
  ansel_iconv (~> 1.1.5)
  ged2csv!
  rspec (~> 2.3.0)
