PATH
  remote: .
  specs:
    ged2csv (1.5.2)
      ansel_iconv (~> 1.1.6)

GEM
  remote: http://rubygems.org/
  specs:
    ansel_iconv (1.1.6)
    diff-lcs (1.1.2)
    rspec (2.3.0)
      rspec-core (~> 2.3.0)
      rspec-expectations (~> 2.3.0)
      rspec-mocks (~> 2.3.0)
    rspec-core (2.3.1)
    rspec-expectations (2.3.0)
      diff-lcs (~> 1.1.2)
    rspec-mocks (2.3.0)

PLATFORMS
  ruby

DEPENDENCIES
  ansel_iconv (~> 1.1.6)
  ged2csv!
  rspec (~> 2.3.0)
